GEM
  remote: https://rubygems.org/
  specs:
    faraday (0.17.3)
      multipart-post (>= 1.2, < 3)
    google-protobuf (3.11.4)
    multipart-post (2.1.1)
    rack (2.2.3)
    twirp (1.4.1)
      faraday (~> 0)
      google-protobuf (~> 3.0, >= 3.0.0)
    webrick (1.6.0)

PLATFORMS
  ruby

DEPENDENCIES
  rack
  twirp
  webrick

BUNDLED WITH
   1.17.2
